GEM
  remote: https://rubygems.org/
  specs:
    activemodel (3.2.17)
      activesupport (= 3.2.17)
      builder (~> 3.0.0)
    activesupport (3.2.17)
      i18n (~> 0.6, >= 0.6.4)
      multi_json (~> 1.0)
    builder (3.0.4)
    coderay (1.1.0)
    coffee-script (2.2.0)
      coffee-script-source
      execjs
    coffee-script-source (1.7.0)
    couchrest (1.1.3)
      mime-types (~> 1.15)
      multi_json (~> 1.0)
      rest-client (~> 1.6.1)
    couchrest_model (2.0.1)
      activemodel (>= 3.0)
      couchrest (~> 1.1.3)
      mime-types (>= 1.15)
      tzinfo (>= 0.3.22)
    execjs (2.0.2)
    haml (4.0.5)
      tilt
    httparty (0.13.0)
      json (~> 1.8)
      multi_xml (>= 0.5.2)
    i18n (0.6.9)
    jsmin (1.0.1)
    json (1.8.1)
    kgio (2.9.2)
    method_source (0.8.2)
    mime-types (1.25.1)
    multi_json (1.9.0)
    multi_xml (0.5.5)
    pry (0.9.12.6)
      coderay (~> 1.0)
      method_source (~> 0.8)
      slop (~> 3.4)
    rack (1.5.2)
    rack-protection (1.5.2)
      rack
    rack-test (0.6.2)
      rack (>= 1.0)
    raindrops (0.13.0)
    rake (10.2.2)
    rest-client (1.6.7)
      mime-types (>= 1.16)
    sass (3.3.4)
    sinatra (1.4.4)
      rack (~> 1.4)
      rack-protection (~> 1.4)
      tilt (~> 1.3, >= 1.3.4)
    sinatra-assetpack (0.1.5)
      jsmin
      rack-test
      sinatra
      tilt (>= 1.3.0)
    slop (3.5.0)
    tilt (1.4.1)
    tzinfo (0.3.39)
    uglifier (2.5.0)
      execjs (>= 0.3.0)
      json (>= 1.8.0)
    unicorn (4.8.2)
      kgio (~> 2.6)
      rack
      raindrops (~> 0.7)

PLATFORMS
  ruby

DEPENDENCIES
  coffee-script
  couchrest_model
  haml
  httparty
  pry
  rake
  sass
  sinatra
  sinatra-assetpack (= 0.1.5)
  uglifier
  unicorn
